GEM
  remote: https://rubygems.org/
  specs:
    hiredis (0.4.5)
    httparty (0.13.1)
      json (~> 1.8)
      multi_xml (>= 0.5.2)
    json (1.8.1)
    multi_xml (0.5.5)
    redis (3.1.0)

PLATFORMS
  ruby

DEPENDENCIES
  hiredis (~> 0.4.5)
  httparty (= 0.13.1)
  redis (= 3.1.0)
